GEM
  remote: https://rubygems.org/
  specs:
    flickraw (0.9.8)
    multi_json (1.10.1)
    oj (2.9.6)

PLATFORMS
  ruby

DEPENDENCIES
  flickraw
  multi_json
  oj
