GEM
  remote: https://rubygems.org/
  specs:
    addressable (2.3.6)
    css_parser (1.3.5)
      addressable
    ffi (1.2.1)
    flickraw (0.9.8)
    mail (2.5.4)
      mime-types (~> 1.16)
      treetop (~> 1.4.8)
    mime-types (1.25.1)
    mini_portile (0.6.0)
    multi_json (1.10.1)
    nokogiri (1.6.2.1)
      mini_portile (= 0.6.0)
    oj (2.9.6)
    polyglot (0.3.5)
    pony (1.9)
      mail (>= 2.0)
    redcarpet (3.1.2)
    roadie (3.0.0)
      css_parser (~> 1.3.4)
      nokogiri (~> 1.6.0)
    tidy_ffi (0.1.5)
      ffi (~> 1.2.0)
    tilt (2.0.1)
    treetop (1.4.15)
      polyglot
      polyglot (>= 0.3.1)

PLATFORMS
  ruby

DEPENDENCIES
  flickraw
  multi_json
  oj
  pony
  redcarpet
  roadie
  tidy_ffi
  tilt
